PATH
  remote: ../square-dungeon-gen
  specs:
    square-dungeon-gen (1.0.0)
      hazard (~> 1)
      rmagick (~> 2.16)

GEM
  remote: https://rubygems.org/
  specs:
    hazard (1.0.3)
    rmagick (2.16.0)

PLATFORMS
  ruby

DEPENDENCIES
  hazard
  square-dungeon-gen!

BUNDLED WITH
   1.16.1
